PATH
  remote: .
  specs:
    simple_static_site_builder (0.1.0)

GEM
  remote: https://rubygems.org/
  specs:
    byebug (10.0.2)
    minitest (5.11.3)
    rake (10.5.0)

PLATFORMS
  ruby

DEPENDENCIES
  bundler (~> 1.16)
  byebug
  minitest (~> 5.0)
  rake (~> 10.0)
  simple_static_site_builder!

BUNDLED WITH
   1.16.6
